GIT
  remote: http://github.com/huerlisi/PDFKit.git
  revision: e4a8a67a69394be211358b04235bb3ce28a33d52
  specs:
    pdfkit (0.5.2)

GIT
  remote: http://github.com/huerlisi/will_paginate.git
  revision: 05fbcb82299a449fc37fb9198346703740cb39cd
  branch: rails3
  specs:
    will_paginate (3.0.pre3)

GEM
  remote: http://rubygems.org/
  specs:
    Ascii85 (1.0.1)
    ZenTest (4.5.0)
    abstract (1.0.0)
    actionmailer (3.0.9)
      actionpack (= 3.0.9)
      mail (~> 2.2.19)
    actionpack (3.0.9)
      activemodel (= 3.0.9)
      activesupport (= 3.0.9)
      builder (~> 2.1.2)
      erubis (~> 2.6.6)
      i18n (~> 0.5.0)
      rack (~> 1.2.1)
      rack-mount (~> 0.6.14)
      rack-test (~> 0.5.7)
      tzinfo (~> 0.3.23)
    activemodel (3.0.9)
      activesupport (= 3.0.9)
      builder (~> 2.1.2)
      i18n (~> 0.5.0)
    activerecord (3.0.9)
      activemodel (= 3.0.9)
      activesupport (= 3.0.9)
      arel (~> 2.0.10)
      tzinfo (~> 0.3.23)
    activeresource (3.0.9)
      activemodel (= 3.0.9)
      activesupport (= 3.0.9)
    activesupport (3.0.9)
    arel (2.0.10)
    autotest (4.4.6)
      ZenTest (>= 4.4.1)
    autotest-rails (4.1.0)
      ZenTest
    bcrypt-ruby (2.1.4)
    builder (2.1.2)
    cancan (1.6.5)
    cap-recipes (0.3.36)
    capistrano (2.6.0)
      highline
      net-scp (>= 1.0.0)
      net-sftp (>= 2.0.0)
      net-ssh (>= 2.0.14)
      net-ssh-gateway (>= 1.1.0)
    capybara (0.4.0)
      celerity (>= 0.7.9)
      culerity (>= 0.2.4)
      mime-types (>= 1.16)
      nokogiri (>= 1.3.3)
      rack (>= 1.0.0)
      rack-test (>= 0.5.4)
      selenium-webdriver (>= 0.0.27)
      xpath (~> 0.1.2)
    carrierwave (0.5.4)
      activesupport (~> 3.0)
    celerity (0.8.7)
    childprocess (0.1.6)
      ffi (~> 0.6.3)
    chunky_png (1.2.0)
    compass (0.11.4)
      chunky_png (~> 1.2)
      fssm (>= 0.2.7)
      sass (~> 3.1)
    csv-mapper (0.5.1)
      fastercsv
    culerity (0.2.14)
    devise (1.3.4)
      bcrypt-ruby (~> 2.1.2)
      orm_adapter (~> 0.0.3)
      warden (~> 1.0.3)
    diff-lcs (1.1.2)
    erubis (2.6.6)
      abstract (>= 1.0.0)
    factory_girl (2.0.0.rc1)
    factory_girl_rails (1.1.rc1)
      factory_girl (~> 2.0.0.rc)
      railties (>= 3.0.0)
    fancy-buttons (1.1.1)
      compass (>= 0.11)
    fastercsv (1.5.4)
    ffi (0.6.3)
      rake (>= 0.8.7)
    formtastic (1.2.4)
      actionpack (>= 2.3.7)
      activesupport (>= 2.3.7)
      i18n (~> 0.4)
    fssm (0.2.7)
    haml (3.1.2)
    haml-rails (0.3.4)
      actionpack (~> 3.0)
      activesupport (~> 3.0)
      haml (~> 3.0)
      railties (~> 3.0)
    has_accounts (0.8.2)
    has_scope (0.5.0)
    has_vcards (0.7.1)
      activerecord
      i18n
    highline (1.6.2)
    i18n (0.5.0)
    i18n_rails_helpers (0.14.0)
      activerecord
      i18n
      i18n_rails_helpers
      rails (~> 3.0.0)
    inherited_resources (1.2.2)
      has_scope (~> 0.5.0)
      responders (~> 0.6.0)
    inherited_resources_views (0.4.1)
      inherited_resources (>= 1.0)
    jquery-rails (1.0.11)
      railties (~> 3.0)
      thor (~> 0.14)
    json_pure (1.5.1)
    lyb_sidebar (0.1.0)
    mail (2.2.19)
      activesupport (>= 2.3.6)
      i18n (>= 0.4.0)
      mime-types (~> 1.16)
      treetop (~> 1.4.8)
    mime-types (1.16)
    mocha (0.9.12)
    mysql2 (0.2.11)
    net-scp (1.0.4)
      net-ssh (>= 1.99.1)
    net-sftp (2.0.5)
      net-ssh (>= 2.0.9)
    net-ssh (2.1.4)
    net-ssh-gateway (1.1.0)
      net-ssh (>= 1.99.1)
    nokogiri (1.4.4)
    orm_adapter (0.0.5)
    paperclip (2.3.11)
      activerecord (>= 2.3.0)
      activesupport (>= 2.3.2)
    pdf-reader (0.9.2)
      Ascii85 (>= 0.9)
    polyglot (0.3.1)
    prawn (0.11.1)
      pdf-reader (>= 0.9.0)
      ttfunk (~> 1.0.0)
    prawn_rails (0.0.4)
      prawn (>= 0.8.4)
      rails (>= 3.0.0)
    rack (1.2.3)
    rack-mount (0.6.14)
      rack (>= 1.0.0)
    rack-test (0.5.7)
      rack (>= 1.0)
    rails (3.0.9)
      actionmailer (= 3.0.9)
      actionpack (= 3.0.9)
      activerecord (= 3.0.9)
      activeresource (= 3.0.9)
      activesupport (= 3.0.9)
      bundler (~> 1.0)
      railties (= 3.0.9)
    railties (3.0.9)
      actionpack (= 3.0.9)
      activesupport (= 3.0.9)
      rake (>= 0.8.7)
      rdoc (~> 3.4)
      thor (~> 0.14.4)
    rake (0.9.2)
    rdoc (3.8)
    remotipart (0.3.4)
    responders (0.6.4)
    rspec (2.6.0)
      rspec-core (~> 2.6.0)
      rspec-expectations (~> 2.6.0)
      rspec-mocks (~> 2.6.0)
    rspec-core (2.6.4)
    rspec-expectations (2.6.0)
      diff-lcs (~> 1.1.2)
    rspec-mocks (2.6.0)
    rspec-rails (2.6.1)
      actionpack (~> 3.0)
      activesupport (~> 3.0)
      railties (~> 3.0)
      rspec (~> 2.6.0)
    rubyzip (0.9.4)
    sass (3.1.4)
    selenium-webdriver (0.1.2)
      childprocess (~> 0.1.5)
      ffi (~> 0.6.3)
      json_pure
      rubyzip
    shoulda (2.11.3)
    show_for (0.2.4)
    simple-navigation (3.3.0)
      activesupport (>= 2.3.2)
    sqlite3 (1.3.3)
    sqlite3-ruby (1.3.3)
      sqlite3 (>= 1.3.3)
    styleyt (0.2.4)
      compass
      haml
      rails (~> 3.0.0)
    thor (0.14.6)
    timeliness (0.3.4)
    treetop (1.4.9)
      polyglot (>= 0.3.1)
    ttfunk (1.0.1)
    tzinfo (0.3.29)
    validates_timeliness (3.0.6)
      timeliness (~> 0.3.3)
    warden (1.0.4)
      rack (>= 1.0)
    wkhtmltopdf-binary (0.9.5.3)
    xpath (0.1.3)
      nokogiri (~> 1.3)

PLATFORMS
  ruby

DEPENDENCIES
  autotest
  autotest-rails
  cancan
  cap-recipes
  capistrano
  capybara
  carrierwave
  compass
  csv-mapper
  devise
  factory_girl (~> 2.0.0.rc1)
  factory_girl_rails (~> 1.1.rc1)
  fancy-buttons
  formtastic
  haml
  haml-rails
  has_accounts
  has_scope
  has_vcards
  i18n_rails_helpers
  inherited_resources
  inherited_resources_views
  jquery-rails
  lyb_sidebar
  mocha
  mysql2 (~> 0.2.7)
  paperclip
  pdfkit!
  prawn
  prawn_rails
  rails (~> 3.0.9)
  rdoc
  remotipart
  rspec
  rspec-rails
  sass
  shoulda
  show_for
  simple-navigation
  sqlite3-ruby
  styleyt
  validates_timeliness
  will_paginate!
  wkhtmltopdf-binary
